GEM
  remote: https://rubygems.org/
  specs:
    actionmailer (4.2.6)
      actionpack (= 4.2.6)
      actionview (= 4.2.6)
      activejob (= 4.2.6)
      mail (~> 2.5, >= 2.5.4)
      rails-dom-testing (~> 1.0, >= 1.0.5)
    actionpack (4.2.6)
      actionview (= 4.2.6)
      activesupport (= 4.2.6)
      rack (~> 1.6)
      rack-test (~> 0.6.2)
      rails-dom-testing (~> 1.0, >= 1.0.5)
      rails-html-sanitizer (~> 1.0, >= 1.0.2)
    actionview (4.2.6)
      activesupport (= 4.2.6)
      builder (~> 3.1)
      erubis (~> 2.7.0)
      rails-dom-testing (~> 1.0, >= 1.0.5)
      rails-html-sanitizer (~> 1.0, >= 1.0.2)
    activejob (4.2.6)
      activesupport (= 4.2.6)
      globalid (>= 0.3.0)
    activemodel (4.2.6)
      activesupport (= 4.2.6)
      builder (~> 3.1)
    activerecord (4.2.6)
      activemodel (= 4.2.6)
      activesupport (= 4.2.6)
      arel (~> 6.0)
    activesupport (4.2.6)
      i18n (~> 0.7)
      json (~> 1.7, >= 1.7.7)
      minitest (~> 5.1)
      thread_safe (~> 0.3, >= 0.3.4)
      tzinfo (~> 1.1)
    arcane (1.2.0)
      actionpack (>= 3.0.0, < 5.0.0)
      activesupport (>= 3.0.0, < 5.0.0)
    arel (6.0.3)
    autoprefixer-rails (6.3.6)
      execjs
    bcrypt (3.1.11)
    better_errors (2.1.1)
      coderay (>= 1.0.0)
      erubis (>= 2.6.6)
      rack (>= 0.9.0)
    binding_of_caller (0.7.2)
      debug_inspector (>= 0.0.1)
    bootstrap-sass (3.3.6)
      autoprefixer-rails (>= 5.2.1)
      sass (>= 3.3.4)
    bootswatch-rails (3.3.5)
      railties (>= 3.1)
    bson (4.1.1)
    builder (3.2.2)
    byebug (8.2.5)
    carrierwave (0.10.0)
      activemodel (>= 3.2.0)
      activesupport (>= 3.2.0)
      json (>= 1.7)
      mime-types (>= 1.16)
    carrierwave-mongoid (0.8.1)
      carrierwave (>= 0.8.0, < 0.11.0)
      mongoid (>= 3.0, < 6.0)
      mongoid-grid_fs (>= 1.3, < 3.0)
    chunky_png (1.3.5)
    ckeditor (4.1.6)
      cocaine
      orm_adapter (~> 0.5.0)
    climate_control (0.0.3)
      activesupport (>= 3.0)
    cocaine (0.5.8)
      climate_control (>= 0.0.3, < 1.0)
    coderay (1.1.1)
    coffee-rails (4.0.1)
      coffee-script (>= 2.2.0)
      railties (>= 4.0.0, < 5.0)
    coffee-script (2.4.1)
      coffee-script-source
      execjs
    coffee-script-source (1.10.0)
    concurrent-ruby (1.0.2)
    debug_inspector (0.0.2)
    devise (4.1.0)
      bcrypt (~> 3.0)
      orm_adapter (~> 0.1)
      railties (>= 4.1.0, < 5.1)
      responders
      warden (~> 1.2.3)
    disqus (1.0.4)
      json
    erb2haml (0.1.5)
      html2haml
    erubis (2.7.0)
    execjs (2.6.0)
    font-awesome-rails (4.6.1.0)
      railties (>= 3.2, < 5.1)
    globalid (0.3.6)
      activesupport (>= 4.1.0)
    haml (4.0.7)
      tilt
    haml-rails (0.9.0)
      actionpack (>= 4.0.1)
      activesupport (>= 4.0.1)
      haml (>= 4.0.6, < 5.0)
      html2haml (>= 1.0.1)
      railties (>= 4.0.1)
    html2haml (2.0.0)
      erubis (~> 2.7.0)
      haml (~> 4.0.0)
      nokogiri (~> 1.6.0)
      ruby_parser (~> 3.5)
    i18n (0.7.0)
    jbuilder (1.5.3)
      activesupport (>= 3.0.0)
      multi_json (>= 1.2.0)
    jquery-rails (4.1.1)
      rails-dom-testing (>= 1, < 3)
      railties (>= 4.2.0)
      thor (>= 0.14, < 2.0)
    jquery-turbolinks (2.1.0)
      railties (>= 3.1.0)
      turbolinks
    jquery-ui-rails (4.0.1)
      jquery-rails
      railties (>= 3.1.0)
    json (1.8.3)
    kaminari (0.16.3)
      actionpack (>= 3.0.0)
      activesupport (>= 3.0.0)
    kgio (2.10.0)
    loofah (2.0.3)
      nokogiri (>= 1.5.9)
    mail (2.6.4)
      mime-types (>= 1.16, < 4)
    metamagic (3.1.7)
      rails (>= 3.0.0)
    method_source (0.8.2)
    mime-types (2.99.1)
    mini_magick (4.5.1)
    mini_portile2 (2.0.0)
    minitest (5.8.4)
    modernizr-rails (2.7.1)
    mongo (2.2.5)
      bson (~> 4.0)
    mongo_session_store-rails4 (6.0.0)
      actionpack (>= 3.1)
    mongoid (5.1.3)
      activemodel (~> 4.0)
      mongo (~> 2.1)
      origin (~> 2.2)
      tzinfo (>= 0.3.37)
    mongoid-compatibility (0.3.1)
      activesupport
      mongoid (>= 2.0)
    mongoid-grid_fs (2.2.1)
      mime-types (>= 1.0, < 3.0)
      mongoid (>= 3.0, < 6.0)
    mongoid-slug (5.2.0)
      mongoid (>= 3.0)
      mongoid-compatibility
      stringex (~> 2.0)
    multi_json (1.12.0)
    nokogiri (1.6.7.2)
      mini_portile2 (~> 2.0.0.rc2)
    nprogress-rails (0.1.6.7)
    origin (2.2.0)
    orm_adapter (0.5.0)
    pry (0.10.3)
      coderay (~> 1.1.0)
      method_source (~> 0.8.1)
      slop (~> 3.4)
    pry-byebug (3.3.0)
      byebug (~> 8.0)
      pry (~> 0.10)
    pundit (1.1.0)
      activesupport (>= 3.0.0)
    rack (1.6.4)
    rack-gridfs (0.3.0)
      mongo (>= 0.20.1)
      rack
    rack-test (0.6.3)
      rack (>= 1.0)
    rails (4.2.6)
      actionmailer (= 4.2.6)
      actionpack (= 4.2.6)
      actionview (= 4.2.6)
      activejob (= 4.2.6)
      activemodel (= 4.2.6)
      activerecord (= 4.2.6)
      activesupport (= 4.2.6)
      bundler (>= 1.3.0, < 2.0)
      railties (= 4.2.6)
      sprockets-rails
    rails-deprecated_sanitizer (1.0.3)
      activesupport (>= 4.2.0.alpha)
    rails-dom-testing (1.0.7)
      activesupport (>= 4.2.0.beta, < 5.0)
      nokogiri (~> 1.6.0)
      rails-deprecated_sanitizer (>= 1.0.1)
    rails-html-sanitizer (1.0.3)
      loofah (~> 2.0)
    railties (4.2.6)
      actionpack (= 4.2.6)
      activesupport (= 4.2.6)
      rake (>= 0.8.7)
      thor (>= 0.18.1, < 2.0)
    raindrops (0.16.0)
    rake (11.1.2)
    rdoc (4.2.2)
      json (~> 1.4)
    redcarpet (3.3.4)
    responders (2.2.0)
      railties (>= 4.2.0, < 5.1)
    ruby_parser (3.8.1)
      sexp_processor (~> 4.1)
    sass (3.4.5)
    sass-rails (5.0.4)
      railties (>= 4.0.0, < 5.0)
      sass (~> 3.1)
      sprockets (>= 2.8, < 4.0)
      sprockets-rails (>= 2.0, < 4.0)
      tilt (>= 1.1, < 3)
    sdoc (0.4.1)
      json (~> 1.7, >= 1.7.7)
      rdoc (~> 4.0)
    sexp_processor (4.7.0)
    simple_form (3.2.1)
      actionpack (> 4, < 5.1)
      activemodel (> 4, < 5.1)
    slop (3.6.0)
    spaghetti (0.5.1)
      jquery-rails (>= 2.1)
      jquery-ui-rails (= 4.0.1)
    sprite-factory (1.7.1)
    sprockets (3.6.0)
      concurrent-ruby (~> 1.0)
      rack (> 1, < 3)
    sprockets-rails (3.0.4)
      actionpack (>= 4.0)
      activesupport (>= 4.0)
      sprockets (>= 3.0.0)
    stringex (2.6.0)
    thor (0.19.1)
    thread_safe (0.3.5)
    tilt (2.0.2)
    turbolinks (2.5.3)
      coffee-rails
    tzinfo (1.2.2)
      thread_safe (~> 0.1)
    uglifier (3.0.0)
      execjs (>= 0.3.0, < 3)
    unicorn (5.1.0)
      kgio (~> 2.6)
      raindrops (~> 0.7)
    unicorn-rails (2.2.0)
      rack
      unicorn
    warden (1.2.6)
      rack (>= 1.0)

PLATFORMS
  ruby

DEPENDENCIES
  arcane
  autoprefixer-rails
  better_errors
  binding_of_caller
  bootstrap-sass
  bootswatch-rails
  carrierwave
  carrierwave-mongoid
  chunky_png
  ckeditor
  coffee-rails (~> 4.0.0)
  devise
  disqus
  erb2haml
  font-awesome-rails
  haml
  haml-rails
  jbuilder (~> 1.2)
  jquery-rails
  jquery-turbolinks
  kaminari
  metamagic
  mini_magick
  modernizr-rails
  mongo_session_store-rails4
  mongoid
  mongoid-slug
  nprogress-rails
  pry-byebug
  pundit
  rack-gridfs
  rails (= 4.2.6)
  redcarpet
  responders
  sass (= 3.4.5)
  sass-rails (~> 5.0)
  sdoc
  simple_form (>= 3.1.0.rc1)
  spaghetti
  sprite-factory
  turbolinks
  uglifier (>= 1.3.0)
  unicorn
  unicorn-rails

BUNDLED WITH
   1.11.2
